PATH
  remote: .
  specs:
    upcoming_releases (0.1.0)
      nokogiri

GEM
  remote: https://rubygems.org/
  specs:
    mini_portile2 (2.4.0)
    nokogiri (1.10.10)
      mini_portile2 (~> 2.4.0)
    rake (12.3.3)

PLATFORMS
  ruby

DEPENDENCIES
  bundler
  nokogiri
  rake (~> 12.0)
  upcoming_releases!

BUNDLED WITH
   2.1.4
